GIT
  remote: https://github.com/holysugar/github_pulls
  revision: 2ac6c8da797f7dc42044397af8f768e5df2cdb78
  specs:
    github_pulls (0.0.3)
      httpclient
      json

GEM
  remote: http://rubygems.org/
  specs:
    httpclient (2.2.5)
    json (1.7.3)
    rack (1.4.1)

PLATFORMS
  ruby

DEPENDENCIES
  github_pulls!
  rack
